PATH
  remote: .
  specs:
    joint (0.5.6)
      mime-types
      mongo_mapper (~> 0.8.6)
      wand (~> 0.4)

GEM
  remote: http://rubygems.org/
  specs:
    activesupport (3.0.3)
    bson (1.3.1)
    bson_ext (1.3.1)
    i18n (0.4.2)
    jnunemaker-matchy (0.4.0)
    jnunemaker-validatable (1.8.4)
      activesupport (>= 2.3.4)
    mime-types (1.16)
    mocha (0.9.10)
      rake
    mongo (1.3.1)
      bson (>= 1.3.1)
    mongo_mapper (0.8.6)
      activesupport (>= 2.3.4)
      jnunemaker-validatable (~> 1.8.4)
      plucky (~> 0.3.6)
    plucky (0.3.6)
      mongo (~> 1.1)
    rake (0.8.7)
    safe_shell (1.0.0)
    shoulda (2.11.3)
    wand (0.4)
      mime-types
      safe_shell (~> 1.0.0)

PLATFORMS
  ruby

DEPENDENCIES
  bson_ext (~> 1.3)
  i18n (= 0.4.2)
  jnunemaker-matchy
  joint!
  mime-types
  mocha
  mongo_mapper (~> 0.8.6)
  shoulda
  wand (~> 0.4)
